GIT
  remote: git://github.com/heedspin/m2mhub.git
  revision: d3cbd4afba74963c0b638ba9dd73b5e2663c50c6
  specs:
    m2mhub (13.0.2)
      active_hash (~> 1.0.0)
      addressable (= 2.2.6)
      amatch (= 0.2.10)
      daemons (= 1.1.8)
      declarative_authorization (= 0.5.7)
      hominid (= 3.0.4)
      rails (= 3.2.13)
      spreadsheet (= 0.8.4)

GIT
  remote: git://github.com/heedspin/plutolib.git
  revision: c60c5b0b03c1c8aa07682bab94d0b62e5f28170a
  specs:
    plutolib (1.2.1)
      active_hash (~> 1.0.0)

GIT
  remote: git://github.com/tongueroo/lighthouse-api.git
  revision: 033c8cd4c4126ff990e393a39f15883a1bc69a3d
  specs:
    lighthouse-api (2.0.2)
      activeresource (>= 3.0.0)
      activesupport (>= 3.0.0)

GEM
  remote: https://rubygems.org/
  specs:
    actionmailer (3.2.13)
      actionpack (= 3.2.13)
      mail (~> 2.5.3)
    actionpack (3.2.13)
      activemodel (= 3.2.13)
      activesupport (= 3.2.13)
      builder (~> 3.0.0)
      erubis (~> 2.7.0)
      journey (~> 1.0.4)
      rack (~> 1.4.5)
      rack-cache (~> 1.2)
      rack-test (~> 0.6.1)
      sprockets (~> 2.2.1)
    active_hash (1.0.1)
      activesupport (>= 2.2.2)
    active_model_serializers (0.8.1)
      activemodel (>= 3.0)
    activemodel (3.2.13)
      activesupport (= 3.2.13)
      builder (~> 3.0.0)
    activerecord (3.2.13)
      activemodel (= 3.2.13)
      activesupport (= 3.2.13)
      arel (~> 3.0.2)
      tzinfo (~> 0.3.29)
    activerecord-sqlserver-adapter (3.2.10)
      activerecord (~> 3.2.0)
    activeresource (3.2.13)
      activemodel (= 3.2.13)
      activesupport (= 3.2.13)
    activesupport (3.2.13)
      i18n (= 0.6.1)
      multi_json (~> 1.0)
    addressable (2.2.6)
    airbrake (3.1.14)
      builder
      json
    amatch (0.2.10)
      tins (~> 0.3)
    arel (3.0.2)
    authlogic (3.3.0)
      activerecord (>= 3.2)
      activesupport (>= 3.2)
    barber (0.4.2)
      ember-source
      execjs
      handlebars-source
    builder (3.0.4)
    cocaine (0.3.2)
    coffee-rails (3.2.2)
      coffee-script (>= 2.2.0)
      railties (~> 3.2.0)
    coffee-script (2.2.0)
      coffee-script-source
      execjs
    coffee-script-source (1.6.3)
    crxmake (2.1.2)
      zip (~> 2.0.2)
    daemons (1.1.8)
    declarative_authorization (0.5.7)
    delayed_job (3.0.5)
      activesupport (~> 3.0)
    delayed_job_active_record (0.4.4)
      activerecord (>= 2.1.0, < 4)
      delayed_job (~> 3.0)
    ember-data-source (0.14)
      ember-source
    ember-rails (0.13.0)
      active_model_serializers
      barber (>= 0.4.1)
      ember-data-source
      ember-source
      execjs (>= 1.2)
      handlebars-source
      railties (>= 3.1)
    ember-source (1.0.0.rc6.2)
      handlebars-source (= 1.0.12)
    erubis (2.7.0)
    execjs (2.0.1)
    formtastic (2.2.1)
      actionpack (>= 3.0)
    handlebars-source (1.0.12)
    hike (1.2.3)
    hominid (3.0.4)
    i18n (0.6.1)
    journey (1.0.4)
    jquery-rails (3.0.4)
      railties (>= 3.0, < 5.0)
      thor (>= 0.14, < 2.0)
    jquery-ui-rails (4.0.4)
      jquery-rails
      railties (>= 3.1.0)
    json (1.8.0)
    mail (2.5.4)
      mime-types (~> 1.16)
      treetop (~> 1.4.8)
    mime-types (1.25)
    multi_json (1.8.0)
    mysql (2.8.1-x86-mingw32)
    mysql2 (0.3.13)
    nokogiri (1.5.4-x86-mingw32)
    paperclip (2.7.5)
      activerecord (>= 2.3.0)
      activesupport (>= 2.3.2)
      cocaine (~> 0.3.0)
      mime-types
    polyglot (0.3.3)
    rack (1.4.5)
    rack-cache (1.2)
      rack (>= 0.4)
    rack-ssl (1.3.3)
      rack
    rack-test (0.6.2)
      rack (>= 1.0)
    rails (3.2.13)
      actionmailer (= 3.2.13)
      actionpack (= 3.2.13)
      activerecord (= 3.2.13)
      activeresource (= 3.2.13)
      activesupport (= 3.2.13)
      bundler (~> 1.0)
      railties (= 3.2.13)
    railties (3.2.13)
      actionpack (= 3.2.13)
      activesupport (= 3.2.13)
      rack-ssl (~> 1.3.2)
      rake (>= 0.8.7)
      rdoc (~> 3.4)
      thor (>= 0.14.6, < 2.0)
    rake (10.1.0)
    rdoc (3.12.2)
      json (~> 1.4)
    ruby-ole (1.2.11.7)
    ruby_parser (3.2.2)
      sexp_processor (~> 4.1)
    sass (3.2.10)
    sass-rails (3.2.6)
      railties (~> 3.2.0)
      sass (>= 3.1.10)
      tilt (~> 1.3)
    sexp_processor (4.3.0)
    spreadsheet (0.8.4)
      ruby-ole (>= 1.0)
    sprockets (2.2.2)
      hike (~> 1.2)
      multi_json (~> 1.0)
      rack (~> 1.0)
      tilt (~> 1.1, != 1.3.0)
    thor (0.18.1)
    tilt (1.4.1)
    tins (0.9.0)
    tiny_tds (0.5.1-x86-mingw32)
    treetop (1.4.15)
      polyglot
      polyglot (>= 0.3.1)
    trollop (2.0)
    tzinfo (0.3.37)
    uglifier (2.2.1)
      execjs (>= 0.3.0)
      multi_json (~> 1.0, >= 1.0.2)
    useragent (0.6.0)
    will_paginate (3.0.4)
    zip (2.0.2)

PLATFORMS
  x86-mingw32

DEPENDENCIES
  active_hash
  activerecord-sqlserver-adapter (= 3.2.10)
  airbrake
  amatch
  authlogic (= 3.3.0)
  coffee-rails (~> 3.2.1)
  crxmake
  delayed_job_active_record (~> 0.4.4)
  ember-rails
  ember-source (= 1.0.0.rc6.2)
  formtastic (= 2.2.1)
  hominid
  jquery-rails
  jquery-ui-rails
  json
  lighthouse-api!
  m2mhub!
  mysql (= 2.8.1)
  nokogiri (= 1.5.4)
  paperclip (~> 2.7.5)
  plutolib!
  rack (= 1.4.5)
  rake (= 10.1.0)
  ruby_parser
  sass-rails (~> 3.2.3)
  tiny_tds (= 0.5.1)
  trollop (= 2.0)
  uglifier (>= 1.0.3)
  useragent
  will_paginate (~> 3.0.4)
